PATH
  remote: /Users/kiran/Desktop/dub-ruby
  specs:
    dub (0.1.0)
      faraday
      faraday-multipart
      rack
      rake
      sorbet

GEM
  remote: https://rubygems.org/
  specs:
    domain_name (0.6.20240107)
    faraday (2.9.2)
      faraday-net_http (>= 2.0, < 3.2)
    faraday-multipart (1.0.4)
      multipart-post (~> 2)
    faraday-net_http (3.1.0)
      net-http
    http-accept (1.7.0)
    http-cookie (1.0.6)
      domain_name (~> 0.5)
    mime-types (3.5.2)
      mime-types-data (~> 3.2015)
    mime-types-data (3.2024.0604)
    multipart-post (2.4.1)
    net-http (0.4.1)
      uri
    netrc (0.11.0)
    nylas (6.0.3)
      mime-types (~> 3.5, >= 3.5.1)
      rest-client (~> 2.1, < 3.0)
      yajl-ruby (~> 1.4.3, >= 1.2.1)
    rack (3.1.4)
    rake (13.2.1)
    rest-client (2.1.0)
      http-accept (>= 1.7.0, < 2.0)
      http-cookie (>= 1.0.2, < 2.0)
      mime-types (>= 1.16, < 4.0)
      netrc (~> 0.8)
    sorbet (0.5.11463)
      sorbet-static (= 0.5.11463)
    sorbet-runtime (0.5.11463)
    sorbet-static (0.5.11463-aarch64-linux)
    sorbet-static (0.5.11463-universal-darwin)
    sorbet-static (0.5.11463-x86_64-linux)
    uri (0.13.0)
    yajl-ruby (1.4.3)

PLATFORMS
  aarch64-linux
  universal-darwin
  x86_64-linux

DEPENDENCIES
  dub!
  nylas (~> 6.0)
  sorbet-runtime (~> 0.5.11460)

BUNDLED WITH
   2.5.14
