GEM
  remote: https://rubygems.org/
  specs:
    base64 (0.2.0)
    dub (0.1.3)
      faraday
      faraday-multipart
      rack
      rake
      sorbet
    faraday (2.9.2)
      faraday-net_http (>= 2.0, < 3.2)
    faraday-multipart (1.0.4)
      multipart-post (~> 2)
    faraday-net_http (3.1.0)
      net-http
    multipart-post (2.4.1)
    mustermann (3.0.0)
      ruby2_keywords (~> 0.0.1)
    net-http (0.4.1)
      uri
    rack (3.1.6)
    rack-protection (4.0.0)
      base64 (>= 0.1.0)
      rack (>= 3.0.0, < 4)
    rack-session (2.0.0)
      rack (>= 3.0.0)
    rake (13.2.1)
    ruby2_keywords (0.0.5)
    sinatra (4.0.0)
      mustermann (~> 3.0)
      rack (>= 3.0.0, < 4)
      rack-protection (= 4.0.0)
      rack-session (>= 2.0.0, < 3)
      tilt (~> 2.0)
    sorbet (0.5.11473)
      sorbet-static (= 0.5.11473)
    sorbet-runtime (0.5.11473)
    sorbet-static (0.5.11473-universal-darwin)
    tilt (2.4.0)
    uri (0.13.0)

PLATFORMS
  arm64-darwin-23
  ruby

DEPENDENCIES
  dub (~> 0.1.0)
  sinatra
  sorbet-runtime

BUNDLED WITH
   2.5.14
